GIT
  remote: git://github.com/skyxie/zuora-ruby.git
  revision: 9b181ea287a22637d11ccd8d3b51d1a7431f9499
  ref: 9b181ea
  specs:
    zuora-ruby (0.0.1)
      activesupport
      soap4r

GEM
  remote: http://rubygems.org/
  specs:
    activesupport (3.2.8)
      i18n (~> 0.6)
      multi_json (~> 1.0)
    httpclient (2.2.7)
    i18n (0.6.1)
    json (1.7.5)
    multi_json (1.3.6)
    rack (1.4.1)
    rack-protection (1.2.0)
      rack
    sinatra (1.3.3)
      rack (~> 1.3, >= 1.3.6)
      rack-protection (~> 1.2)
      tilt (~> 1.3, >= 1.3.3)
    sinatra-partial (0.3.2)
      sinatra
    soap4r (1.5.8)
      httpclient (>= 2.1.1)
    sqlite3 (1.3.6)
    tilt (1.3.3)

PLATFORMS
  ruby

DEPENDENCIES
  json
  sinatra
  sinatra-partial
  sqlite3
  zuora-ruby!
